GEM
  remote: https://rubygems.org/
  specs:
    activesupport (7.0.4.3)
      concurrent-ruby (~> 1.0, >= 1.0.2)
      i18n (>= 1.6, < 2)
      minitest (>= 5.1)
      tzinfo (~> 2.0)
    addressable (2.8.3)
      public_suffix (>= 2.0.2, < 6.0)
    coderay (1.1.2)
    concurrent-ruby (1.2.2)
    diff-lcs (1.3)
    faker (1.9.3)
      i18n (>= 0.7)
    httparty (0.21.0)
      mini_mime (>= 1.0.0)
      multi_xml (>= 0.5.2)
    i18n (1.12.0)
      concurrent-ruby (~> 1.0)
    json-schema (3.0.0)
      addressable (>= 2.8)
    method_source (0.9.2)
    mini_mime (1.1.2)
    minitest (5.18.0)
    multi_xml (0.6.0)
    pry (0.12.2)
      coderay (~> 1.1.0)
      method_source (~> 0.9.0)
    public_suffix (5.0.1)
    rake (13.0.6)
    rouge (4.1.0)
    rspec (3.8.0)
      rspec-core (~> 3.8.0)
      rspec-expectations (~> 3.8.0)
      rspec-mocks (~> 3.8.0)
    rspec-core (3.8.2)
      rspec-support (~> 3.8.0)
    rspec-expectations (3.8.2)
      diff-lcs (>= 1.2.0, < 2.0)
      rspec-support (~> 3.8.0)
    rspec-mocks (3.8.0)
      diff-lcs (>= 1.2.0, < 2.0)
      rspec-support (~> 3.8.0)
    rspec-support (3.8.3)
    rspec_html_formatter (0.3.1)
      activesupport (>= 4.1.4)
      rouge (>= 1.6.1)
      rspec-core (>= 3.0.3)
    tzinfo (2.0.6)
      concurrent-ruby (~> 1.0)

PLATFORMS
  ruby

DEPENDENCIES
  faker
  httparty (>= 0.21.0)
  json-schema
  pry
  rake (>= 12.3.3)
  rspec
  rspec_html_formatter (~> 0.3.1)

BUNDLED WITH
   1.17.3
